GEM
  remote: http://rubygems.org/
  specs:
    RedCloth (4.2.3)
    classifier (1.3.3)
      fast-stemmer (>= 1.0.0)
    directory_watcher (1.3.2)
    fast-stemmer (1.0.0)
    jekyll (0.7.0)
      classifier (>= 1.3.1)
      directory_watcher (>= 1.1.1)
      liquid (>= 1.9.0)
      maruku (>= 0.5.9)
    liquid (2.2.2)
    maruku (0.6.0)
      syntax (>= 1.0.0)
    mini_portile2 (2.5.3)
    nokogiri (1.11.4)
      mini_portile2 (~> 2.5.0)
      racc (~> 1.4)
    racc (1.5.2)
    rack (1.2.2)
    rack-rewrite (1.0.2)
    sass (3.1.7)
    syntax (1.0.0)

PLATFORMS
  ruby

DEPENDENCIES
  RedCloth (= 4.2.3)
  jekyll (= 0.7.0)
  nokogiri (= 1.11.4)
  rack (= 1.2.2)
  rack-rewrite (= 1.0.2)
  sass (= 3.1.7)
